GEM
  remote: https://rubygems.org/
  specs:
    diff-lcs (1.5.1)
    json (2.9.1)
    nokogiri (1.18.2-x64-mingw-ucrt)
      racc (~> 1.4)
    racc (1.8.1)
    rspec (3.13.0)
      rspec-core (~> 3.13.0)
      rspec-expectations (~> 3.13.0)
      rspec-mocks (~> 3.13.0)
    rspec-core (3.13.2)
      rspec-support (~> 3.13.0)
    rspec-expectations (3.13.3)
      diff-lcs (>= 1.2.0, < 2.0)
      rspec-support (~> 3.13.0)
    rspec-mocks (3.13.2)
      diff-lcs (>= 1.2.0, < 2.0)
      rspec-support (~> 3.13.0)
    rspec-support (3.13.2)

PLATFORMS
  x64-mingw-ucrt

DEPENDENCIES
  json
  nokogiri
  rspec

BUNDLED WITH
   2.6.2
